GEM
  remote: http://rubygems.org/
  specs:
    foreman (0.61.0)
      thor (>= 0.13.6)
    json (1.7.6)
    redis (3.0.2)
    thor (0.17.0)

PLATFORMS
  ruby

DEPENDENCIES
  foreman
  json
  redis
